PATH
  remote: .
  specs:
    ruby_installer (0.1.0)
      net-ssh
      thor (~> 0.20.3)

GEM
  remote: https://rubygems.org/
  specs:
    coderay (1.1.2)
    method_source (0.9.2)
    net-ssh (5.2.0)
    pry (0.12.2)
      coderay (~> 1.1.0)
      method_source (~> 0.9.0)
    thor (0.20.3)

PLATFORMS
  ruby

DEPENDENCIES
  bundler (~> 2.0)
  pry (~> 0.12.2)
  ruby_installer!

BUNDLED WITH
   2.0.1
